GIT
  remote: git://github.com/cucumber/cucumber-ruby-core.git
  revision: 76322d636326fdf6f837397cb8c2cd7301e47a44
  specs:
    cucumber-core (1.1.2)
      gherkin (~> 2.12.0)

GEM
  remote: https://rubygems.org/
  specs:
    gherkin (2.12.2)
      multi_json (~> 1.3)
    multi_json (1.11.0)

PLATFORMS
  ruby

DEPENDENCIES
  cucumber-core!
