GEM
  remote: https://rubygems.org/
  specs:
    cucumber-core (1.1.3)
      gherkin (~> 2.12.0)
    gherkin (2.12.2)
      multi_json (~> 1.3)
    multi_json (1.11.0)

PLATFORMS
  ruby

DEPENDENCIES
  cucumber-core
